PATH
  remote: ../../
  specs:
    hypa (0.0.3)
      extlib

GEM
  remote: https://rubygems.org/
  specs:
    extlib (0.9.16)
    multi_json (1.7.2)
    oj (2.0.12)
    puma (2.0.1)
      rack (>= 1.1, < 2.0)
    rack (1.5.2)
    rack-protection (1.5.0)
      rack
    sequel (3.47.0)
    sinatra (1.4.2)
      rack (~> 1.5, >= 1.5.2)
      rack-protection (~> 1.4)
      tilt (~> 1.3, >= 1.3.4)
    sqlite3 (1.3.7)
    tilt (1.4.0)

PLATFORMS
  ruby

DEPENDENCIES
  hypa!
  multi_json
  oj
  puma
  sequel
  sinatra
  sqlite3
